GEM
  remote: https://rubygems.org/
  specs:
    appium_console (2.12.0)
      appium_lib (~> 10.0)
      bond (~> 0.5)
      pry (~> 0.12.0)
      spec (~> 5.3, >= 5.3.1)
      thor (~> 0.19)
    appium_lib (10.5.0)
      appium_lib_core (~> 3.3)
      nokogiri (~> 1.8, >= 1.8.1)
      tomlrb (~> 1.1)
    appium_lib_core (3.8.0)
      faye-websocket (~> 0.10.0)
      selenium-webdriver (~> 3.14, >= 3.14.1)
    ast (2.4.0)
    backports (3.17.2)
    bond (0.5.1)
    builder (3.2.4)
    childprocess (3.0.0)
    chronic_duration (0.10.6)
      numerizer (~> 0.1.1)
    coderay (1.1.2)
    concurrent-ruby (1.1.6)
    cucumber (3.1.2)
      builder (>= 2.1.2)
      cucumber-core (~> 3.2.0)
      cucumber-expressions (~> 6.0.1)
      cucumber-wire (~> 0.0.1)
      diff-lcs (~> 1.3)
      gherkin (~> 5.1.0)
      multi_json (>= 1.7.5, < 2.0)
      multi_test (>= 0.1.2)
    cucumber-core (3.2.1)
      backports (>= 3.8.0)
      cucumber-tag_expressions (~> 1.1.0)
      gherkin (~> 5.0)
    cucumber-expressions (6.0.1)
    cucumber-tag_expressions (1.1.1)
    cucumber-wire (0.0.1)
    diff-lcs (1.3)
    eventmachine (1.2.7)
    faker (2.11.0)
      i18n (>= 1.6, < 2)
    faye-websocket (0.10.9)
      eventmachine (>= 0.12.0)
      websocket-driver (>= 0.5.1)
    gherkin (5.1.0)
    httparty (0.18.0)
      mime-types (~> 3.0)
      multi_xml (>= 0.5.2)
    i18n (1.8.2)
      concurrent-ruby (~> 1.0)
    json (2.3.0)
    method_source (0.9.2)
    mime-types (3.3.1)
      mime-types-data (~> 3.2015)
    mime-types-data (3.2020.0512)
    mini_portile2 (2.4.0)
    multi_json (1.14.1)
    multi_test (0.1.2)
    multi_xml (0.6.0)
    nokogiri (1.10.9)
      mini_portile2 (~> 2.4.0)
    numerizer (0.1.1)
    parallel (1.19.1)
    parser (2.7.1.3)
      ast (~> 2.4.0)
    pry (0.12.2)
      coderay (~> 1.1.0)
      method_source (~> 0.9.0)
    rainbow (3.0.0)
    report_builder (1.8)
      json (>= 1.8.1)
    rexml (3.2.4)
    rspec (3.9.0)
      rspec-core (~> 3.9.0)
      rspec-expectations (~> 3.9.0)
      rspec-mocks (~> 3.9.0)
    rspec-core (3.9.2)
      rspec-support (~> 3.9.3)
    rspec-expectations (3.9.2)
      diff-lcs (>= 1.2.0, < 2.0)
      rspec-support (~> 3.9.0)
    rspec-mocks (3.9.1)
      diff-lcs (>= 1.2.0, < 2.0)
      rspec-support (~> 3.9.0)
    rspec-support (3.9.3)
    rubocop (0.84.0)
      parallel (~> 1.10)
      parser (>= 2.7.0.1)
      rainbow (>= 2.2.2, < 4.0)
      rexml
      rubocop-ast (>= 0.0.3)
      ruby-progressbar (~> 1.7)
      unicode-display_width (>= 1.4.0, < 2.0)
    rubocop-ast (0.0.3)
      parser (>= 2.7.0.1)
    ruby-progressbar (1.10.1)
    rubyzip (2.3.0)
    selenium-webdriver (3.142.7)
      childprocess (>= 0.5, < 4.0)
      rubyzip (>= 1.2.2)
    spec (5.3.4)
      chronic_duration (~> 0.10.2)
    thor (0.20.3)
    tomlrb (1.3.0)
    unicode-display_width (1.7.0)
    websocket-driver (0.7.2)
      websocket-extensions (>= 0.1.0)
    websocket-extensions (0.1.4)

PLATFORMS
  ruby

DEPENDENCIES
  appium_console (= 2.12.0)
  appium_lib (~> 10.5.0)
  cucumber
  faker
  httparty
  pry (~> 0.12.0)
  report_builder
  rspec
  rubocop

BUNDLED WITH
   2.1.4
